GEM
  remote: https://rubygems.org/
  specs:
    json (1.8.3)
    rack (1.6.4)
    sinatra (1.1.0)
      rack (~> 1.1)
      tilt (~> 1.1)
    slim (3.0.6)
      temple (~> 0.7.3)
      tilt (>= 1.3.3, < 2.1)
    temple (0.7.6)
    tilt (1.4.1)

PLATFORMS
  ruby

DEPENDENCIES
  json
  sinatra (= 1.1.0)
  slim
